GEM
  remote: http://rubygems.org/
  specs:
    BlueCloth (1.0.1)
    RedCloth (4.2.7)
    blankslate (2.1.2.4)
    haml (3.1.1)
    libxml-ruby (2.0.5)
    parslet (1.2.0)
      blankslate (~> 2.0)
    rack (1.2.2)
    rack-test (0.6.0)
      rack (>= 1.0)
    ratom (0.6.8)
      libxml-ruby (>= 1.1.2)
    soup (1.0.7)
    vanilla (1.17)
      BlueCloth (>= 1.0.0)
      RedCloth (>= 4.1.1)
      haml (>= 3.1)
      parslet (>= 1.2.0)
      rack (>= 0.9.1)
      rack-test (>= 0.5.7)
      ratom (>= 0.3.5)
      soup (>= 1.0.6)

PLATFORMS
  ruby

DEPENDENCIES
  vanilla (= 1.17)
