GEM
  remote: https://rubygems.org/
  specs:
    BlueCloth (1.0.1)
    RedCloth (4.2.7)
    blankslate (2.1.2.4)
    haml (3.1.1)
    kramdown (1.7.0)
    libxml-ruby (2.8)
    parslet (1.2.0)
      blankslate (~> 2.0)
    passenger (5.0.7)
      rack
      rake (>= 0.8.1)
    posix-spawn (0.3.11)
    pygments.rb (0.6.3)
      posix-spawn (~> 0.3.6)
      yajl-ruby (~> 1.2.0)
    rack (1.2.2)
    rack-test (0.6.0)
      rack (>= 1.0)
    rake (10.4.2)
    ratom (0.6.8)
      libxml-ruby (>= 1.1.2)
    redcarpet (2.3.0)
    sass (3.4.13)
    soup (1.0.7)
    susy (2.2.3)
      sass (>= 3.3.0, < 3.5)
    vanilla (1.17)
      BlueCloth (>= 1.0.0)
      RedCloth (>= 4.1.1)
      haml (>= 3.1)
      parslet (>= 1.2.0)
      rack (>= 0.9.1)
      rack-test (>= 0.5.7)
      ratom (>= 0.3.5)
      soup (>= 1.0.6)
    yajl-ruby (1.2.1)

PLATFORMS
  ruby

DEPENDENCIES
  haml (~> 3.1)
  kramdown
  libxml-ruby (~> 2.8)
  passenger
  pygments.rb
  rake
  redcarpet (= 2.3.0)
  susy
  vanilla
